PATH
  remote: .
  specs:
    YAVM (0.1.1)
      docopt (~> 0.5.0, >= 0.5.0)
      json (~> 1.8.1, >= 1.8.0)

GEM
  remote: https://rubygems.org/
  specs:
    ast (2.0.0)
    astrolabe (1.3.0)
      parser (>= 2.2.0.pre.3, < 3.0)
    docopt (0.5.0)
    json (1.8.2)
    parser (2.2.0.1)
      ast (>= 1.1, < 3.0)
      slop (~> 3.4, >= 3.4.5)
    powerpack (0.0.9)
    rainbow (2.0.0)
    rubocop (0.28.0)
      astrolabe (~> 1.3)
      parser (>= 2.2.0.pre.7, < 3.0)
      powerpack (~> 0.0.6)
      rainbow (>= 1.99.1, < 3.0)
      ruby-progressbar (~> 1.4)
    ruby-progressbar (1.7.1)
    slop (3.6.0)

PLATFORMS
  ruby

DEPENDENCIES
  YAVM!
  rubocop
